GEM
  remote: https://rubygems.org/
  specs:
    snipmate_to_yas (0.1.1)

PLATFORMS
  ruby

DEPENDENCIES
  snipmate_to_yas (>= 0.1.0)

BUNDLED WITH
   1.13.1
